GEM
  remote: https://rubygems.org/
  specs:
    ast (2.4.0)
    backports (2.8.2)
    coderay (1.1.2)
    diff-lcs (1.3)
    docile (1.3.1)
    ffi (1.9.25)
    jemalloc (1.0.1)
    json (2.3.1)
    listen (3.1.5)
      rb-fsevent (~> 0.9, >= 0.9.4)
      rb-inotify (~> 0.9, >= 0.9.7)
      ruby_dep (~> 1.2)
    method_source (0.9.0)
    multi_json (1.13.1)
    mustermann (1.0.2)
    parallel (1.12.1)
    parser (2.5.1.0)
      ast (~> 2.4.0)
    powerpack (0.1.1)
    pry (0.11.3)
      coderay (~> 1.1.0)
      method_source (~> 0.9.0)
    puma (3.11.4)
    rack (2.0.5)
    rack-protection (2.0.2)
      rack
    rack-test (1.0.0)
      rack (>= 1.0, < 3)
    rainbow (3.0.0)
    rake (12.3.1)
    rb-fsevent (0.10.3)
    rb-inotify (0.9.10)
      ffi (>= 0.5.0, < 2)
    rerun (0.13.0)
      listen (~> 3.0)
    rspec (3.7.0)
      rspec-core (~> 3.7.0)
      rspec-expectations (~> 3.7.0)
      rspec-mocks (~> 3.7.0)
    rspec-core (3.7.1)
      rspec-support (~> 3.7.0)
    rspec-expectations (3.7.0)
      diff-lcs (>= 1.2.0, < 2.0)
      rspec-support (~> 3.7.0)
    rspec-mocks (3.7.0)
      diff-lcs (>= 1.2.0, < 2.0)
      rspec-support (~> 3.7.0)
    rspec-support (3.7.1)
    rubocop (0.56.0)
      parallel (~> 1.10)
      parser (>= 2.5)
      powerpack (~> 0.1)
      rainbow (>= 2.2.2, < 4.0)
      ruby-progressbar (~> 1.7)
      unicode-display_width (~> 1.0, >= 1.0.1)
    ruby-progressbar (1.9.0)
    ruby_dep (1.5.0)
    simplecov (0.16.1)
      docile (~> 1.1)
      json (>= 1.8, < 3)
      simplecov-html (~> 0.10.0)
    simplecov-html (0.10.2)
    sinatra (2.0.2)
      mustermann (~> 1.0)
      rack (~> 2.0)
      rack-protection (= 2.0.2)
      tilt (~> 2.0)
    sinatra-contrib (2.0.2)
      backports (~> 2.8.2)
      multi_json
      mustermann (~> 1.0)
      rack-protection (= 2.0.2)
      sinatra (= 2.0.2)
      tilt (>= 1.3, < 3)
    tilt (2.0.8)
    unicode-display_width (1.4.0)

PLATFORMS
  ruby

DEPENDENCIES
  jemalloc
  pry
  puma
  rack-test
  rake
  rerun
  rspec
  rubocop
  simplecov
  sinatra
  sinatra-contrib

BUNDLED WITH
   1.16.1
